GIT
  remote: https://github.com/middleman/middleman
  revision: 02f95aa43980aac82455228aede681daf4fbb65c
  ref: 02f95aa43980aac82455228aede681daf4fbb65c
  specs:
    middleman (4.2.1)
      coffee-script (~> 2.2)
      haml (>= 4.0.5)
      kramdown (~> 1.2)
      middleman-cli (= 4.2.1)
      middleman-core (= 4.2.1)
      sass (>= 3.4.0, < 4.0)
    middleman-cli (4.2.1)
      thor (>= 0.17.0, < 2.0)
    middleman-core (4.2.1)
      activesupport (>= 4.2, < 5.2)
      addressable (~> 2.3)
      bundler (~> 1.1)
      contracts (~> 0.13)
      dotenv
      erubis
      execjs (~> 2.0)
      fastimage (~> 2.0)
      hamster (~> 3.0)
      hashie (~> 3.4)
      i18n (~> 0.7)
      listen (~> 3.0)
      memoist (~> 0.14)
      padrino-helpers (~> 0.13.0)
      parallel
      rack (>= 1.4.5, < 3)
      sass (>= 3.4)
      servolux
      tilt (~> 2.0)
      uglifier (~> 3.0)

GIT
  remote: https://github.com/plasticine/middleman-imageoptim
  revision: a539caef0d2f9a23704ed36cf36c7945d2282c62
  specs:
    middleman-imageoptim (0.2.1)
      image_optim (~> 0.25.0)
      image_optim_pack (~> 0.2.1)
      middleman-cli
      middleman-core (>= 3.1)

GEM
  remote: https://rubygems.org/
  specs:
    activesupport (5.1.4)
      concurrent-ruby (~> 1.0, >= 1.0.2)
      i18n (~> 0.7)
      minitest (~> 5.1)
      tzinfo (~> 1.1)
    addressable (2.5.2)
      public_suffix (>= 2.0.2, < 4.0)
    autoprefixer-rails (7.2.5)
      execjs
    better_errors (2.4.0)
      coderay (>= 1.0.0)
      erubi (>= 1.0.0)
      rack (>= 0.9.0)
    binding_of_caller (0.8.0)
      debug_inspector (>= 0.0.1)
    bootstrap (4.0.0)
      autoprefixer-rails (>= 6.0.3)
      popper_js (>= 1.12.9, < 2)
      sass (>= 3.5.2)
    builder (3.2.3)
    byebug (10.0.0)
    coderay (1.1.2)
    coffee-script (2.4.1)
      coffee-script-source
      execjs
    coffee-script-source (1.12.2)
    concurrent-ruby (1.0.5)
    contracts (0.16.0)
    debug_inspector (0.0.3)
    dotenv (2.2.1)
    erubi (1.7.0)
    erubis (2.7.0)
    execjs (2.7.0)
    exifr (1.3.3)
    fastimage (2.1.1)
    ffi (1.9.18)
    fspath (3.1.0)
    haml (5.0.4)
      temple (>= 0.8.0)
      tilt
    hamster (3.0.0)
      concurrent-ruby (~> 1.0)
    hashie (3.5.7)
    i18n (0.9.3)
      concurrent-ruby (~> 1.0)
    image_optim (0.25.0)
      exifr (~> 1.2, >= 1.2.2)
      fspath (~> 3.0)
      image_size (~> 1.5)
      in_threads (~> 1.3)
      progress (~> 3.0, >= 3.0.1)
    image_optim_pack (0.2.3)
      fspath (>= 2.1, < 4)
      image_optim (~> 0.19)
    image_size (1.5.0)
    in_threads (1.5.0)
    kramdown (1.16.2)
    listen (3.1.5)
      rb-fsevent (~> 0.9, >= 0.9.4)
      rb-inotify (~> 0.9, >= 0.9.7)
      ruby_dep (~> 1.2)
    memoist (0.16.0)
    middleman-autoprefixer (2.8.0)
      autoprefixer-rails (>= 7.0.1, < 8.0.0)
      middleman-core (>= 3.3.3)
    middleman-blog (4.0.2)
      addressable (~> 2.3)
      middleman-core (~> 4.0)
      tzinfo (>= 0.3.0)
    middleman-gh-pages (0.3.1)
      rake (> 0.9.3)
    middleman-sprockets (4.1.1)
      middleman-core (~> 4.0)
      sprockets (>= 3.0)
    middleman-syntax (3.0.0)
      middleman-core (>= 3.2)
      rouge (~> 2.0)
    mini_portile2 (2.3.0)
    minitest (5.11.3)
    nokogiri (1.8.2)
      mini_portile2 (~> 2.3.0)
    padrino-helpers (0.13.3.4)
      i18n (~> 0.6, >= 0.6.7)
      padrino-support (= 0.13.3.4)
      tilt (>= 1.4.1, < 3)
    padrino-support (0.13.3.4)
      activesupport (>= 3.1)
    parallel (1.12.1)
    popper_js (1.12.9)
    progress (3.4.0)
    public_suffix (3.0.1)
    rack (2.0.4)
    rake (12.3.0)
    rb-fsevent (0.10.2)
    rb-inotify (0.9.10)
      ffi (>= 0.5.0, < 2)
    rouge (2.2.1)
    ruby_dep (1.5.0)
    sass (3.5.5)
      sass-listen (~> 4.0.0)
    sass-listen (4.0.0)
      rb-fsevent (~> 0.9, >= 0.9.4)
      rb-inotify (~> 0.9, >= 0.9.7)
    servolux (0.13.0)
    slim (3.0.9)
      temple (>= 0.7.6, < 0.9)
      tilt (>= 1.3.3, < 2.1)
    sprockets (3.7.1)
      concurrent-ruby (~> 1.0)
      rack (> 1, < 3)
    temple (0.8.0)
    thor (0.20.0)
    thread_safe (0.3.6)
    tilt (2.0.8)
    tzinfo (1.2.4)
      thread_safe (~> 0.1)
    uglifier (3.2.0)
      execjs (>= 0.3.0, < 3)

PLATFORMS
  ruby

DEPENDENCIES
  addressable
  better_errors
  binding_of_caller
  bootstrap (~> 4.0)
  builder (~> 3.2)
  byebug
  middleman!
  middleman-autoprefixer
  middleman-blog (~> 4.0)
  middleman-cli!
  middleman-core!
  middleman-gh-pages
  middleman-imageoptim!
  middleman-sprockets (~> 4.1)
  middleman-syntax
  nokogiri
  slim

BUNDLED WITH
   1.16.1
